GEM
  remote: https://rubygems.org/
  specs:
    coderay (1.1.1)
    curses (1.2.0)
    dispel (0.0.8)
      curses
    method_source (0.8.2)
    oauth (0.5.1)
    pry (0.10.4)
      coderay (~> 1.1.0)
      method_source (~> 0.8.1)
      slop (~> 3.4)
    slop (3.6.0)
    terminal-notifier (1.7.1)

PLATFORMS
  ruby

DEPENDENCIES
  dispel
  oauth
  pry
  terminal-notifier

BUNDLED WITH
   1.14.3
